PATH
  remote: .
  specs:
    freeagent-api-ruby (0.0.1)
      multi_json
      oauth2
      rake

GEM
  remote: http://rubygems.org/
  specs:
    coderay (1.0.6)
    diff-lcs (1.1.3)
    faraday (0.8.4)
      multipart-post (~> 1.1)
    httpauth (0.1)
    jwt (0.1.5)
      multi_json (>= 1.0)
    method_source (0.7.1)
    multi_json (1.3.6)
    multipart-post (1.1.5)
    oauth2 (0.8.0)
      faraday (~> 0.8)
      httpauth (~> 0.1)
      jwt (~> 0.1.4)
      multi_json (~> 1.0)
      rack (~> 1.2)
    pry (0.9.9.6)
      coderay (~> 1.0.5)
      method_source (~> 0.7.1)
      slop (>= 2.4.4, < 3)
    rack (1.4.1)
    rake (0.9.2.2)
    rspec (2.10.0)
      rspec-core (~> 2.10.0)
      rspec-expectations (~> 2.10.0)
      rspec-mocks (~> 2.10.0)
    rspec-core (2.10.0)
    rspec-expectations (2.10.0)
      diff-lcs (~> 1.1.3)
    rspec-mocks (2.10.1)
    slop (2.4.4)

PLATFORMS
  ruby

DEPENDENCIES
  freeagent-api-ruby!
  pry
  rspec
